GEM
  remote: https://rubygems.org/
  specs:
    ast (2.4.3)
    benchmark (0.4.0)
    erubi (1.13.1)
    json (2.10.2)
    language_server-protocol (3.17.0.4)
    lint_roller (1.1.0)
    logger (1.6.6)
    netrc (0.11.0)
    nokogiri (1.18.5-aarch64-linux-gnu)
      racc (~> 1.4)
    nokogiri (1.18.5-arm64-darwin)
      racc (~> 1.4)
    nokogiri (1.18.5-x86_64-darwin)
      racc (~> 1.4)
    nokogiri (1.18.5-x86_64-linux-gnu)
      racc (~> 1.4)
    parallel (1.26.3)
    parser (3.3.7.2)
      ast (~> 2.4.1)
      racc
    prettier_print (1.2.1)
    prism (1.4.0)
    racc (1.8.1)
    rainbow (3.1.1)
    rbi (0.3.1)
      prism (~> 1.0)
      rbs (>= 3.4.4)
      sorbet-runtime (>= 0.5.9204)
    rbs (3.9.0)
      logger
    regexp_parser (2.10.0)
    rubocop (1.74.0)
      json (~> 2.3)
      language_server-protocol (~> 3.17.0.2)
      lint_roller (~> 1.1.0)
      parallel (~> 1.10)
      parser (>= 3.3.0.2)
      rainbow (>= 2.2.2, < 4.0)
      regexp_parser (>= 2.9.3, < 3.0)
      rubocop-ast (>= 1.38.0, < 2.0)
      ruby-progressbar (~> 1.7)
      unicode-display_width (>= 2.4.0, < 4.0)
    rubocop-ast (1.41.0)
      parser (>= 3.3.7.2)
    ruby-lsp (0.3.8)
      language_server-protocol (~> 3.17.0)
      sorbet-runtime
      syntax_tree (>= 5.0.0, < 6)
    ruby-progressbar (1.13.0)
    sorbet (0.5.11948)
      sorbet-static (= 0.5.11948)
    sorbet-runtime (0.5.11948)
    sorbet-static (0.5.11948-aarch64-linux)
    sorbet-static (0.5.11948-universal-darwin)
    sorbet-static (0.5.11948-x86_64-linux)
    sorbet-static-and-runtime (0.5.11948)
      sorbet (= 0.5.11948)
      sorbet-runtime (= 0.5.11948)
    spoom (1.6.1)
      erubi (>= 1.10.0)
      prism (>= 0.28.0)
      rbi (>= 0.2.3)
      sorbet-static-and-runtime (>= 0.5.10187)
      thor (>= 0.19.2)
    syntax_tree (5.3.0)
      prettier_print (>= 1.2.0)
    tapioca (0.16.11)
      benchmark
      bundler (>= 2.2.25)
      netrc (>= 0.11.0)
      parallel (>= 1.21.0)
      rbi (~> 0.2)
      sorbet-static-and-runtime (>= 0.5.11087)
      spoom (>= 1.2.0)
      thor (>= 1.2.0)
      yard-sorbet
    thor (1.3.2)
    unicode-display_width (3.1.4)
      unicode-emoji (~> 4.0, >= 4.0.4)
    unicode-emoji (4.0.4)
    yard (0.9.37)
    yard-sorbet (0.9.0)
      sorbet-runtime
      yard

PLATFORMS
  aarch64-linux
  universal-darwin
  x86_64-linux

DEPENDENCIES
  nokogiri (~> 1.16)
  rubocop (~> 1.68)
  ruby-lsp (~> 0.3.7)
  sorbet (~> 0.5.11481)
  sorbet-runtime (~> 0.5.11481)
  tapioca (~> 0.16.3)

BUNDLED WITH
   2.5.3
